GEM
  remote: https://rubygems.org/
  specs:
    CFPropertyList (2.3.6)
    actioncable (5.2.0.rc1)
      actionpack (= 5.2.0.rc1)
      nio4r (~> 2.0)
      websocket-driver (>= 0.6.1)
    actionmailer (5.2.0.rc1)
      actionpack (= 5.2.0.rc1)
      actionview (= 5.2.0.rc1)
      activejob (= 5.2.0.rc1)
      mail (~> 2.5, >= 2.5.4)
      rails-dom-testing (~> 2.0)
    actionpack (5.2.0.rc1)
      actionview (= 5.2.0.rc1)
      activesupport (= 5.2.0.rc1)
      rack (~> 2.0)
      rack-test (>= 0.6.3)
      rails-dom-testing (~> 2.0)
      rails-html-sanitizer (~> 1.0, >= 1.0.2)
    actionview (5.2.0.rc1)
      activesupport (= 5.2.0.rc1)
      builder (~> 3.1)
      erubi (~> 1.4)
      rails-dom-testing (~> 2.0)
      rails-html-sanitizer (~> 1.0, >= 1.0.3)
    activejob (5.2.0.rc1)
      activesupport (= 5.2.0.rc1)
      globalid (>= 0.3.6)
    activemodel (5.2.0.rc1)
      activesupport (= 5.2.0.rc1)
    activerecord (5.2.0.rc1)
      activemodel (= 5.2.0.rc1)
      activesupport (= 5.2.0.rc1)
      arel (>= 9.0)
    activestorage (5.2.0.rc1)
      actionpack (= 5.2.0.rc1)
      activerecord (= 5.2.0.rc1)
      marcel (~> 0.3.1)
    activesupport (5.2.0.rc1)
      concurrent-ruby (~> 1.0, >= 1.0.2)
      i18n (~> 0.7)
      minitest (~> 5.1)
      tzinfo (~> 1.1)
    arel (9.0.0)
    ast (2.4.0)
    autoprefixer-rails (8.0.0)
      execjs
    babel-source (5.8.35)
    babel-transpiler (0.7.0)
      babel-source (>= 4.0, < 6)
      execjs (~> 2.0)
    bindex (0.5.0)
    bootsnap (1.1.8)
      msgpack (~> 1.0)
    bootstrap (4.0.0)
      autoprefixer-rails (>= 6.0.3)
      popper_js (>= 1.12.9, < 2)
      sass (>= 3.5.2)
    builder (3.2.3)
    coderay (1.1.2)
    colorize (0.8.1)
    concurrent-ruby (1.0.5)
    connection_pool (2.2.1)
    crass (1.0.3)
    dotenv (2.2.1)
    dotenv-rails (2.2.1)
      dotenv (= 2.2.1)
      railties (>= 3.2, < 5.2)
    em-proxy (0.1.9)
      eventmachine
    erubi (1.7.0)
    eventmachine (1.0.9.1)
    execjs (2.7.0)
    facter (2.5.1)
    facter (2.5.1-universal-darwin)
      CFPropertyList (~> 2.2)
    ffi (1.9.21)
    formatador (0.2.5)
    friendly_id (5.2.3)
      activerecord (>= 4.0.0)
    globalid (0.4.1)
      activesupport (>= 4.2.0)
    guard (2.14.2)
      formatador (>= 0.2.4)
      listen (>= 2.7, < 4.0)
      lumberjack (>= 1.0.12, < 2.0)
      nenv (~> 0.1)
      notiffany (~> 0.0)
      pry (>= 0.9.12)
      shellany (~> 0.0)
      thor (>= 0.18.1)
    guard-bundler (2.1.0)
      bundler (~> 1.0)
      guard (~> 2.2)
      guard-compat (~> 1.1)
    guard-compat (1.2.1)
    guard-rubocop (1.3.0)
      guard (~> 2.0)
      rubocop (~> 0.20)
    guard-shell (0.7.1)
      guard (>= 2.0.0)
      guard-compat (~> 1.0)
    http-parser-lite (0.6.0)
    i18n (0.9.5)
      concurrent-ruby (~> 1.0)
    iniparse (1.4.4)
    invoker (1.5.6)
      colorize (~> 0.8.1)
      dotenv (~> 2.0)
      em-proxy (~> 0.1)
      eventmachine (~> 1.0.4)
      facter (~> 2.2)
      formatador (~> 0.2)
      http-parser-lite (~> 0.6)
      iniparse (~> 1.1)
      rubydns (~> 0.8.5)
      thor (~> 0.19)
      uuid (~> 2.3)
    listen (3.1.5)
      rb-fsevent (~> 0.9, >= 0.9.4)
      rb-inotify (~> 0.9, >= 0.9.7)
      ruby_dep (~> 1.2)
    loofah (2.2.0)
      crass (~> 1.0.2)
      nokogiri (>= 1.5.9)
    lumberjack (1.0.12)
    macaddr (1.7.1)
      systemu (~> 2.6.2)
    mail (2.7.0)
      mini_mime (>= 0.1.1)
    marcel (0.3.1)
      mimemagic (~> 0.3.2)
    method_source (0.9.0)
    mimemagic (0.3.2)
    mini_mime (1.0.0)
    mini_portile2 (2.3.0)
    minitest (5.11.3)
    msgpack (1.2.2)
    nenv (0.3.0)
    newrelic_rpm (4.8.0.341)
    nio4r (2.2.0)
    nokogiri (1.8.2)
      mini_portile2 (~> 2.3.0)
    notiffany (0.1.1)
      nenv (~> 0.1)
      shellany (~> 0.0)
    parallel (1.12.1)
    parser (2.5.0.0)
      ast (~> 2.4.0)
    pg (0.21.0)
    pgreset (0.1.1)
    popper_js (1.12.9)
    powerpack (0.1.1)
    pry (0.11.3)
      coderay (~> 1.1.0)
      method_source (~> 0.9.0)
    puma (3.11.2)
    rack (2.0.4)
    rack-proxy (0.6.3)
      rack
    rack-test (0.8.2)
      rack (>= 1.0, < 3)
    rack-toolbar (0.1.4)
    rails (5.2.0.rc1)
      actioncable (= 5.2.0.rc1)
      actionmailer (= 5.2.0.rc1)
      actionpack (= 5.2.0.rc1)
      actionview (= 5.2.0.rc1)
      activejob (= 5.2.0.rc1)
      activemodel (= 5.2.0.rc1)
      activerecord (= 5.2.0.rc1)
      activestorage (= 5.2.0.rc1)
      activesupport (= 5.2.0.rc1)
      bundler (>= 1.3.0)
      railties (= 5.2.0.rc1)
      sprockets-rails (>= 2.0.0)
    rails-dom-testing (2.0.3)
      activesupport (>= 4.2.0)
      nokogiri (>= 1.6)
    rails-html-sanitizer (1.0.3)
      loofah (~> 2.0)
    rails_12factor (0.0.3)
      rails_serve_static_assets
      rails_stdout_logging
    rails_serve_static_assets (0.0.5)
    rails_stdout_logging (0.0.5)
    railties (5.2.0.rc1)
      actionpack (= 5.2.0.rc1)
      activesupport (= 5.2.0.rc1)
      method_source
      rake (>= 0.8.7)
      thor (>= 0.18.1, < 2.0)
    rainbow (3.0.0)
    rake (12.3.0)
    rb-fsevent (0.10.2)
    rb-inotify (0.9.10)
      ffi (>= 0.5.0, < 2)
    react-rails (2.4.4)
      babel-transpiler (>= 0.7.0)
      connection_pool
      execjs
      railties (>= 3.2)
      tilt
    redis (4.0.1)
    redis-actionpack (5.0.2)
      actionpack (>= 4.0, < 6)
      redis-rack (>= 1, < 3)
      redis-store (>= 1.1.0, < 2)
    redis-activesupport (5.0.4)
      activesupport (>= 3, < 6)
      redis-store (>= 1.3, < 2)
    redis-rack (2.0.4)
      rack (>= 1.5, < 3)
      redis-store (>= 1.2, < 2)
    redis-rails (5.0.2)
      redis-actionpack (>= 5.0, < 6)
      redis-activesupport (>= 5.0, < 6)
      redis-store (>= 1.2, < 2)
    redis-store (1.4.1)
      redis (>= 2.2, < 5)
    rubocop (0.52.1)
      parallel (~> 1.10)
      parser (>= 2.4.0.2, < 3.0)
      powerpack (~> 0.1)
      rainbow (>= 2.2.2, < 4.0)
      ruby-progressbar (~> 1.7)
      unicode-display_width (~> 1.0, >= 1.0.1)
    ruby-progressbar (1.9.0)
    ruby_dep (1.5.0)
    rubydns (0.8.5)
      eventmachine (~> 1.0.0)
    sass (3.5.5)
      sass-listen (~> 4.0.0)
    sass-listen (4.0.0)
      rb-fsevent (~> 0.9, >= 0.9.4)
      rb-inotify (~> 0.9, >= 0.9.7)
    scenic (1.4.1)
      activerecord (>= 4.0.0)
      railties (>= 4.0.0)
    shellany (0.0.1)
    slim (3.0.9)
      temple (>= 0.7.6, < 0.9)
      tilt (>= 1.3.3, < 2.1)
    slim-rails (3.1.3)
      actionpack (>= 3.1)
      railties (>= 3.1)
      slim (~> 3.0)
    spring (2.0.2)
      activesupport (>= 4.2)
    spring-commands-rubocop (0.2.0)
      spring (>= 1.0, < 3.0)
    spring-watcher-listen (2.0.1)
      listen (>= 2.7, < 4.0)
      spring (>= 1.2, < 3.0)
    sprockets (3.7.1)
      concurrent-ruby (~> 1.0)
      rack (> 1, < 3)
    sprockets-rails (3.2.1)
      actionpack (>= 4.0)
      activesupport (>= 4.0)
      sprockets (>= 3.0.0)
    systemu (2.6.5)
    temple (0.8.0)
    terminal-notifier-guard (1.7.0)
    thor (0.20.0)
    thread_safe (0.3.6)
    tilt (2.0.8)
    tzinfo (1.2.5)
      thread_safe (~> 0.1)
    unicode-display_width (1.3.0)
    uuid (2.3.8)
      macaddr (~> 1.0)
    web-console (3.5.1)
      actionview (>= 5.0)
      activemodel (>= 5.0)
      bindex (>= 0.4.0)
      railties (>= 5.0)
    webpacker (3.2.2)
      activesupport (>= 4.2)
      rack-proxy (>= 0.6.1)
      railties (>= 4.2)
    websocket-driver (0.7.0)
      websocket-extensions (>= 0.1.0)
    websocket-extensions (0.1.3)

PLATFORMS
  ruby
  x86_64-darwin-16

DEPENDENCIES
  bootsnap
  bootstrap (~> 4.0.0.alpha3)
  dotenv-rails
  friendly_id
  guard
  guard-bundler
  guard-rubocop
  guard-shell
  invoker
  newrelic_rpm
  pg (~> 0.18)
  pgreset
  puma
  rack-toolbar
  rails (~> 5.2.0.beta2)
  rails_12factor
  react-rails
  redis-rails
  rubocop
  scenic
  slim-rails
  spring
  spring-commands-rubocop
  spring-watcher-listen
  terminal-notifier-guard
  web-console (~> 3.0)
  webpacker

RUBY VERSION
   ruby 2.5.0p0

BUNDLED WITH
   1.16.1
